PATH
  remote: .
  specs:
    exchange-rates-generator (0.1.3)
      activesupport (~> 3.0.7)
      i18n (~> 0.5.0)
      money (~> 3.1.5)
      nokogiri (~> 1.4.4)
      patron (> 0.4.4)

GEM
  remote: http://rubygems.org/
  specs:
    activesupport (3.0.10)
    diff-lcs (1.1.2)
    i18n (0.5.0)
    money (3.1.5)
    nokogiri (1.4.7)
    patron (0.4.16)
    rake (0.8.7)
    rcov (0.9.9)
    rspec (2.1.0)
      rspec-core (~> 2.1.0)
      rspec-expectations (~> 2.1.0)
      rspec-mocks (~> 2.1.0)
    rspec-core (2.1.0)
    rspec-expectations (2.1.0)
      diff-lcs (~> 1.1.2)
    rspec-mocks (2.1.0)
    yard (0.6.2)

PLATFORMS
  ruby

DEPENDENCIES
  bundler (>= 1.0.7)
  exchange-rates-generator!
  rake
  rcov
  rspec (= 2.1.0)
  yard
